GEM
  remote: https://rubygems.org/
  specs:
    rake (13.0.1)
    test-unit (2.5.5)

PLATFORMS
  ruby

DEPENDENCIES
  rake
  test-unit (~> 2.5.4)

BUNDLED WITH
   2.1.4
